GEM
  remote: https://rubygems.org/
  specs:
    power_assert (1.1.1)
    rake (12.3.0)
    test-unit (3.2.6)
      power_assert

PLATFORMS
  ruby

DEPENDENCIES
  rake (~> 12.3.0)
  test-unit (~> 3.2.6)

BUNDLED WITH
   1.16.0
